GEM
  remote: https://rubygems.org/
  specs:
    logger-colors (1.0.0)
    metaclass (0.0.1)
    mocha (0.12.3)
      metaclass (~> 0.0.1)
    rake (10.0.1)
    trollop (2.0)

PLATFORMS
  ruby

DEPENDENCIES
  logger-colors
  mocha
  rake
  trollop
